GEM
  remote: https://rubygems.org/
  specs:
    actionmailer (0.6.1)
      actionpack (>= 0.9.5)
    actionpack (3.2.2.rc1)
      activemodel (= 3.2.2.rc1)
      activesupport (= 3.2.2.rc1)
      builder (~> 3.0.0)
      erubis (~> 2.7.0)
      journey (~> 1.0.1)
      rack (~> 1.4.0)
      rack-cache (~> 1.1)
      rack-test (~> 0.6.1)
      sprockets (~> 2.1.2)
    activemodel (3.2.2.rc1)
      activesupport (= 3.2.2.rc1)
      builder (~> 3.0.0)
    activerecord (1.6.0)
    activesupport (3.2.2.rc1)
      i18n (~> 0.6)
      multi_json (~> 1.0)
    builder (3.0.0)
    capybara (1.1.2)
      mime-types (>= 1.16)
      nokogiri (>= 1.3.3)
      rack (>= 1.0.0)
      rack-test (>= 0.5.4)
      selenium-webdriver (~> 2.0)
      xpath (~> 0.1.4)
    childprocess (0.3.1)
      ffi (~> 1.0.6)
    coffee-rails (3.2.2)
      coffee-script (>= 2.2.0)
      railties (~> 3.2.0)
    coffee-script (2.2.0)
      coffee-script-source
      execjs
    coffee-script-source (1.2.0)
    diff-lcs (1.1.3)
    erubis (2.7.0)
    execjs (1.3.0)
      multi_json (~> 1.0)
    ffi (1.0.11)
    guard (1.0.0)
      ffi (>= 0.5.0)
      thor (~> 0.14.6)
    guard-rspec (0.5.5)
      guard (>= 0.8.4)
    guard-spork (0.3.2)
      guard (>= 0.8.4)
      spork (>= 0.8.4)
    hike (1.2.1)
    i18n (0.6.0)
    journey (1.0.3)
    jquery-rails (2.0.0)
      railties (>= 3.2.0.beta, < 5.0)
      thor (~> 0.14)
    json (1.6.5)
    json_pure (1.6.5)
    mime-types (1.17.2)
    multi_json (1.1.0)
    nokogiri (1.5.0-x86-mingw32)
    pg (0.12.2-x86-mingw32)
    rack (1.4.1)
    rack-cache (1.1)
      rack (>= 0.4)
    rack-ssl (1.3.2)
      rack
    rack-test (0.6.1)
      rack (>= 1.0)
    rails (0.9.5)
      actionmailer (>= 0.6.1)
      actionpack (>= 1.4.0)
      activerecord (>= 1.6.0)
      rake (>= 0.4.15)
    railties (3.2.2.rc1)
      actionpack (= 3.2.2.rc1)
      activesupport (= 3.2.2.rc1)
      rack-ssl (~> 1.3.2)
      rake (>= 0.8.7)
      rdoc (~> 3.4)
      thor (~> 0.14.6)
    rake (0.9.2.2)
    rb-fchange (0.0.5)
      ffi
    rb-notifu (0.0.4)
    rdoc (3.12)
      json (~> 1.4)
    rspec (2.8.0)
      rspec-core (~> 2.8.0)
      rspec-expectations (~> 2.8.0)
      rspec-mocks (~> 2.8.0)
    rspec-core (2.8.0)
    rspec-expectations (2.8.0)
      diff-lcs (~> 1.1.2)
    rspec-mocks (2.8.0)
    rspec-rails (2.8.1)
      actionpack (>= 3.0)
      activesupport (>= 3.0)
      railties (>= 3.0)
      rspec (~> 2.8.0)
    rubyzip (0.9.6.1)
    sass (3.1.15)
    sass-rails (3.2.3)
      railties (~> 3.2.0.beta)
      sass (>= 3.1.10)
      tilt (~> 1.3)
    selenium-webdriver (2.13.0)
      childprocess (>= 0.2.1)
      ffi (~> 1.0.9)
      json_pure
      rubyzip
    spork (0.9.0-x86-mingw32)
      win32-process
    sprockets (2.1.2)
      hike (~> 1.2)
      rack (~> 1.0)
      tilt (~> 1.1, != 1.3.0)
    sqlite3 (1.3.5-x86-mingw32)
    thor (0.14.6)
    tilt (1.3.3)
    uglifier (1.2.3)
      execjs (>= 0.3.0)
      multi_json (>= 1.0.2)
    win32-api (1.4.8-x86-mingw32)
    win32-process (0.6.5)
      windows-pr (>= 1.1.2)
    win32console (1.3.0-x86-mingw32)
    windows-api (0.4.1)
      win32-api (>= 1.4.5)
    windows-pr (1.2.1)
      win32-api (>= 1.4.5)
      windows-api (>= 0.3.0)
    xpath (0.1.4)
      nokogiri (~> 1.3)

PLATFORMS
  x86-mingw32

DEPENDENCIES
  capybara (= 1.1.2)
  coffee-rails (= 3.2.2)
  guard-rspec (= 0.5.5)
  guard-spork (= 0.3.2)
  jquery-rails (= 2.0.0)
  pg (= 0.12.2)
  rails
  rb-fchange (= 0.0.5)
  rb-notifu (= 0.0.4)
  rspec-rails (= 2.8.1)
  sass-rails (= 3.2.3)
  spork (= 0.9.0)
  sqlite3 (= 1.3.5)
  uglifier (= 1.2.3)
  win32console (= 1.3.0)
